GIT
  remote: https://github.com/banister/method_source.git
  revision: a79edca832f7afaf1605d6e198d92d66d77d4d7a
  specs:
    method_source (0.8.1)

GIT
  remote: https://github.com/bbatsov/powerpack.git
  revision: f7e2b9b7815e8fc202bd8874ed9376011af4a203
  specs:
    powerpack (0.1.1)

GIT
  remote: https://github.com/bbatsov/rubocop.git
  revision: 98dfe9a0d34abd79e471afc556fe877cfb590628
  specs:
    rubocop (0.51.0)
      parallel (~> 1.10)
      parser (>= 2.3.3.1, < 3.0)
      powerpack (~> 0.1)
      rainbow (>= 2.2.2, < 3.0)
      ruby-progressbar (~> 1.7)
      unicode-display_width (~> 1.0, >= 1.0.1)

GIT
  remote: https://github.com/grosser/parallel.git
  revision: 4fe838144d1fbf65bb3aa85c3474b538255817a9
  specs:
    parallel (1.12.0)

GIT
  remote: https://github.com/intridea/hashie.git
  revision: 59cb1d507c5a0c69af9ab6491066d497c9f952bf
  specs:
    hashie (3.5.7)

GIT
  remote: https://github.com/janlelis/unicode-display_width.git
  revision: 26954d99588b8242a7a55fb0653ca8e7700637a1
  specs:
    unicode-display_width (1.3.0)

GIT
  remote: https://github.com/jfelchner/ruby-progressbar.git
  revision: 1aefee5c8be5f99e2452ac048cc8e9b186c6260a
  specs:
    ruby-progressbar (1.9.0)

GIT
  remote: https://github.com/pry/pry.git
  revision: 775beeaaf80308e4a31b3909d5e2decbda693b6b
  specs:
    pry (0.10.4)
      coderay (~> 1.1.0)
      method_source (~> 0.8.1)

GIT
  remote: https://github.com/rubychan/coderay.git
  revision: e15cf96405177153e1418496a7a8e85beaa679fb
  specs:
    coderay (1.1.2.rc1)

GIT
  remote: https://github.com/whitequark/ast.git
  revision: 9004fb044f1fa408892445cba37a9423029a9e05
  specs:
    ast (2.3.0)

GIT
  remote: https://github.com/whitequark/parser.git
  revision: cdf9099a5a1186d13cd0c2f065d95532777e5c1d
  specs:
    parser (2.4.0.0)
      ast (~> 2.2)

GEM
  remote: https://rubygems.org/
  specs:
    rainbow (2.2.2)
      rake
    rake (12.1.0)

PLATFORMS
  ruby

DEPENDENCIES
  ast!
  coderay!
  hashie!
  method_source!
  parallel!
  parser!
  powerpack!
  pry!
  rainbow!
  rubocop!
  ruby-progressbar!
  unicode-display_width!

BUNDLED WITH
   1.16.0.pre.3
